GEM
  remote: http://rubygems.org/
  specs:
    faraday (0.8.7)
      multipart-post (~> 1.1)
    json (1.8.0)
    newrelic_plugin (1.0.2)
      faraday (>= 0.8.1)
      json

PLATFORMS
  ruby
  x86-mingw32
  
DEPENDENCIES
  newrelic_plugin!