GEM
  remote: http://rubygems.org/
  specs:
    certified (0.1.1)
    json (1.8.0)
    multipart-post (1.2.0)
    newrelic_plugin (1.2.1)
      json

PLATFORMS
  ruby
  x86-mingw32

DEPENDENCIES
  certified
  json
  multipart-post
  newrelic_plugin